GEM
  remote: http://rubygems.org/
  specs:
    cfoundry (0.4.14)
      multi_json (~> 1.3)
      multipart-post (~> 1.1)
      rubyzip (~> 0.9)
    clouseau (0.0.2)
      rubyzip (~> 0.9.9)
    haml (3.1.7)
    interact (0.5.0)
    json_pure (1.6.7)
    manifests-vmc-plugin (0.4.19)
      cfoundry (~> 0.4.0)
    mothership (0.3.5)
    multi_json (1.4.0)
    multipart-post (1.1.5)
    rack (1.4.1)
    rack-protection (1.3.2)
      rack
    rubyzip (0.9.9)
    shotgun (0.9)
      rack (>= 1.0)
    sinatra (1.3.3)
      rack (~> 1.3, >= 1.3.6)
      rack-protection (~> 1.2)
      tilt (~> 1.3, >= 1.3.3)
    tilt (1.3.3)
    tunnel-dummy-vmc-plugin (0.0.2)
      cfoundry (~> 0.4.0)
    vmc (0.4.7)
      cfoundry (~> 0.4.10)
      clouseau (~> 0.0.2)
      interact (~> 0.5.0)
      json_pure (~> 1.6.5)
      manifests-vmc-plugin (~> 0.4.14)
      mothership (~> 0.3.5)
      multi_json (~> 1.4.0)
      tunnel-dummy-vmc-plugin (~> 0.0.2)

PLATFORMS
  ruby

DEPENDENCIES
  cfoundry
  haml
  rack
  shotgun
  sinatra
  vmc
